GIT
  remote: git://github.com/CocoaPods/CocoaPods.git
  revision: 870eed7ccb6885063fc06c52cbc9b06eb0af2c5c
  specs:
    cocoapods (0.29.0)
      activesupport (>= 3.2.15, < 4)
      claide (~> 0.4.0)
      cocoapods-core (= 0.29.0)
      cocoapods-downloader (~> 0.3.0)
      cocoapods-try-release-fix (~> 0.1.1)
      colored (~> 1.2)
      escape (~> 0.0.4)
      json_pure (~> 1.8)
      nap (~> 0.5)
      open4 (~> 1.3)
      xcodeproj (~> 0.14.1)

GIT
  remote: git://github.com/CocoaPods/Core.git
  revision: 10ebb60461780f61a2dbb2dd94dc431366da41f4
  specs:
    cocoapods-core (0.29.0)
      activesupport (>= 3.2.15, < 4)
      fuzzy_match (~> 2.0.4)
      json_pure (~> 1.8)
      nap (~> 0.5)

GEM
  remote: https://rubygems.org/
  specs:
    CFPropertyList (2.2.6)
    activesupport (3.2.16)
      i18n (~> 0.6, >= 0.6.4)
      multi_json (~> 1.0)
    awesome_print (1.2.0)
    blankslate (2.1.2.4)
    builder (3.2.2)
    calabash-common (0.0.1)
      cucumber (~> 1.3.0)
    calabash-cucumber (0.9.165)
      CFPropertyList
      awesome_print
      bundler (~> 1.1)
      calabash-common (~> 0.0.1)
      cucumber (~> 1.3.0)
      edn
      geocoder (~> 1.1.8)
      httpclient (~> 2.3.3)
      json
      run_loop (~> 0.1.1)
      sim_launcher (= 0.4.6)
      slowhandcuke
      xamarin-test-cloud (~> 0.9.27)
    celluloid (0.15.2)
      timers (~> 1.1.0)
    claide (0.4.0)
    cocoapods-downloader (0.3.0)
    cocoapods-try-release-fix (0.1.1)
    coderay (1.1.0)
    colored (1.2)
    cucumber (1.3.10)
      builder (>= 2.1.2)
      diff-lcs (>= 1.1.3)
      gherkin (~> 2.12)
      multi_json (>= 1.7.5, < 2.0)
      multi_test (>= 0.0.2)
    diff-lcs (1.2.5)
    edn (1.0.2)
      parslet (~> 1.4.0)
    escape (0.0.4)
    ffi (1.9.3)
    formatador (0.2.4)
    fuzzy_match (2.0.4)
    geocoder (1.1.9)
    gherkin (2.12.2)
      multi_json (~> 1.3)
    guard (2.2.5)
      formatador (>= 0.2.4)
      listen (~> 2.1)
      lumberjack (~> 1.0)
      pry (>= 0.9.12)
      thor (>= 0.18.1)
    guard-cucumber (1.4.1)
      cucumber (>= 1.2.0)
      guard (>= 1.1.0)
    httpclient (2.3.4.1)
    i18n (0.6.9)
    json (1.8.1)
    json_pure (1.8.1)
    listen (2.4.0)
      celluloid (>= 0.15.2)
      rb-fsevent (>= 0.9.3)
      rb-inotify (>= 0.9)
    lumberjack (1.0.4)
    method_source (0.8.2)
    mime-types (2.0)
    multi_json (1.8.4)
    multi_test (0.0.3)
    nap (0.6.0)
    open4 (1.3.0)
    parslet (1.4.0)
      blankslate (~> 2.0)
    pry (0.9.12.4)
      coderay (~> 1.0)
      method_source (~> 0.8)
      slop (~> 3.4)
    rack (1.5.2)
    rack-protection (1.5.2)
      rack
    rake (10.1.1)
    rb-fsevent (0.9.4)
    rb-inotify (0.9.3)
      ffi (>= 0.5.0)
    rest-client (1.6.7)
      mime-types (>= 1.16)
    retriable (1.3.3.1)
    rubyzip (0.9.9)
    run_loop (0.1.1)
      json
      thor
    sim_launcher (0.4.6)
      sinatra
    sinatra (1.4.4)
      rack (~> 1.4)
      rack-protection (~> 1.4)
      tilt (~> 1.3, >= 1.3.4)
    slop (3.4.7)
    slowhandcuke (0.0.3)
      cucumber
    thor (0.18.1)
    tilt (1.4.1)
    timers (1.1.0)
    xamarin-test-cloud (0.9.27)
      bundler (>= 1.3.0, < 2.0)
      json
      rest-client (~> 1.6.7)
      retriable (~> 1.3.3.1)
      rubyzip (~> 0.9.9)
      thor (>= 0.18.1)
    xcodeproj (0.14.1)
      activesupport (~> 3.0)
      colored (~> 1.2)
      rake

PLATFORMS
  ruby

DEPENDENCIES
  calabash-cucumber
  cocoapods!
  cocoapods-core!
  guard-cucumber
